GEM
  remote: https://rubygems.org/
  specs:
    base64 (0.3.0)
    bcrypt (3.1.20)
    concurrent-ruby (1.3.5)
    dotenv (3.1.8)
    et-orbi (1.4.0)
      tzinfo
    fugit (1.12.1)
      et-orbi (~> 1.4)
      raabro (~> 1.4)
    json (2.15.1)
    jwt (3.1.2)
      base64
    logger (1.7.0)
    mustermann (3.0.4)
      ruby2_keywords (~> 0.0.1)
    nio4r (2.7.4)
    ostruct (0.6.3)
    puma (7.0.4)
      nio4r (~> 2.0)
    raabro (1.4.0)
    rack (3.2.3)
    rack-protection (4.2.1)
      base64 (>= 0.1.0)
      logger (>= 1.6.0)
      rack (>= 3.0.0, < 4)
    rack-session (2.1.1)
      base64 (>= 0.1.0)
      rack (>= 3.0.0)
    rackup (2.2.1)
      rack (>= 3)
    ruby2_keywords (0.0.5)
    rufus-scheduler (3.9.2)
      fugit (~> 1.1, >= 1.11.1)
    sinatra (4.2.1)
      logger (>= 1.6.0)
      mustermann (~> 3.0)
      rack (>= 3.0.0, < 4)
      rack-protection (= 4.2.1)
      rack-session (>= 2.0.0, < 3)
      tilt (~> 2.0)
    tilt (2.6.1)
    tzinfo (2.0.6)
      concurrent-ruby (~> 1.0)
    tzinfo-data (1.2025.2)
      tzinfo (>= 1.0.0)

PLATFORMS
  x64-mingw-ucrt

DEPENDENCIES
  bcrypt
  dotenv
  json
  jwt
  ostruct
  puma (~> 7.0)
  rackup (~> 2.2)
  rufus-scheduler
  sinatra
  tzinfo-data

BUNDLED WITH
   2.7.2
